GEM
  remote: https://rubygems.org/
  specs:
    faraday (2.9.0)
      faraday-net_http (>= 2.0, < 3.2)
    faraday-follow_redirects (0.3.0)
      faraday (>= 1, < 3)
    faraday-gzip (2.0.1)
      faraday (>= 1.0)
      zlib (~> 3.0)
    faraday-net_http (3.1.0)
      net-http
    msgpack (1.7.2)
    mustermann (3.0.0)
      ruby2_keywords (~> 0.0.1)
    net-http (0.4.1)
      uri
    nio4r (2.5.9)
    puma (6.4.0)
      nio4r (~> 2.0)
    rack (2.2.8)
    rack-protection (3.1.0)
      rack (~> 2.2, >= 2.2.4)
    ruby2_keywords (0.0.5)
    sinatra (3.1.0)
      mustermann (~> 3.0)
      rack (~> 2.2, >= 2.2.4)
      rack-protection (= 3.1.0)
      tilt (~> 2.0)
    tilt (2.3.0)
    trino-client (2.2.0)
      faraday (>= 1, < 3)
      faraday-follow_redirects (>= 0.3)
      faraday-gzip (>= 1)
      msgpack (>= 1.5.1)
    uri (0.13.0)
    zlib (3.1.1)

PLATFORMS
  aarch64-linux
  x86_64-linux

DEPENDENCIES
  puma
  sinatra
  trino-client (~> 2.2)

BUNDLED WITH
   2.4.21
